GEM
  remote: https://rubygems.org/
  specs:
    CFPropertyList (2.2.8)
    addressable (2.3.8)
    ansi (1.5.0)
    aws-sdk-core (2.0.48)
      builder (~> 3.0)
      jmespath (~> 1.0)
      multi_json (~> 1.0)
    boxen (2.8.0)
      ansi (~> 1.4)
      hiera (~> 1.0)
      highline (~> 1.6.0)
      json_pure (>= 1.7.7, < 2.0)
      librarian-puppet (~> 1.0.0)
      octokit (~> 2.7, >= 2.7.1)
      puppet (~> 3.7)
    builder (3.2.2)
    deep_merge (1.0.1)
    diff-lcs (1.2.5)
    facter (2.4.4)
      CFPropertyList (~> 2.2.6)
    faraday (0.9.1)
      multipart-post (>= 1.2, < 3)
    hiera (1.3.4)
      json_pure
    highline (1.6.21)
    jmespath (1.0.2)
      multi_json (~> 1.0)
    json (1.8.3)
    json_pure (1.8.2)
    librarian (0.1.2)
      highline
      thor (~> 0.15)
    librarian-puppet (1.0.9)
      json
      librarian (>= 0.1.2)
    metaclass (0.0.4)
    mocha (1.1.0)
      metaclass (~> 0.0.1)
    multi_json (1.11.2)
    multipart-post (2.0.0)
    net-ssh (2.9.2)
    octokit (2.7.2)
      sawyer (~> 0.5.2)
    open4 (1.3.4)
    puppet (3.8.2)
      facter (> 1.6, < 3)
      hiera (~> 1.0)
      json_pure
    puppet-lint (0.3.2)
    puppet-syntax (2.0.0)
      rake
    puppetlabs_spec_helper (0.10.3)
      mocha
      puppet-lint
      puppet-syntax
      rake
      rspec-puppet
    rake (10.3.2)
    rspec (3.3.0)
      rspec-core (~> 3.3.0)
      rspec-expectations (~> 3.3.0)
      rspec-mocks (~> 3.3.0)
    rspec-core (3.3.2)
      rspec-support (~> 3.3.0)
    rspec-expectations (3.3.1)
      diff-lcs (>= 1.2.0, < 2.0)
      rspec-support (~> 3.3.0)
    rspec-mocks (3.3.2)
      diff-lcs (>= 1.2.0, < 2.0)
      rspec-support (~> 3.3.0)
    rspec-puppet (1.0.1)
      rspec
    rspec-support (3.3.0)
    sawyer (0.5.5)
      addressable (~> 2.3.5)
      faraday (~> 0.8, < 0.10)
    thor (0.19.1)

PLATFORMS
  ruby

DEPENDENCIES
  aws-sdk-core (~> 2.0.11)
  boxen (~> 2.8.0)
  deep_merge (~> 1.0)
  hiera (~> 1.3.3)
  librarian-puppet (~> 1.0.9)
  net-ssh
  open4 (~> 1.3.4)
  puppet (= 3.8.2)
  puppet-lint (= 0.3.2)
  puppetlabs_spec_helper (= 0.10.3)
  rake (= 10.3.2)
  rspec-puppet (= 1.0.1)
