GEM
  remote: https://rubygems.org/
  specs:
    ansi (1.4.3)
    aws-sdk (1.8.2)
      json (~> 1.4)
      nokogiri (>= 1.4.4)
      uuidtools (~> 2.1)
    boxen (2.0.0)
      ansi (~> 1.4)
      hiera (~> 1.0)
      highline (~> 1.6)
      json_pure (>= 1.7.7, < 2.0)
      librarian-puppet (~> 0.9.9)
      octokit (~> 2.0.0)
      puppet (~> 3.0)
    builder (3.1.4)
    facter (1.7.2)
    faraday (0.8.8)
      multipart-post (~> 1.2.0)
    hiera (1.2.1)
      json_pure
    highline (1.6.19)
    json (1.8.0)
    json_pure (1.8.0)
    librarian-puppet (0.9.10)
      json
      thor (~> 0.15)
    multipart-post (1.2.0)
    net-ssh (2.6.5)
    nokogiri (1.5.6)
    octokit (2.0.0)
      sawyer (~> 0.3.0)
    open4 (1.3.0)
    puppet (3.2.4)
      facter (~> 1.6)
      hiera (~> 1.0)
      rgen (~> 0.6.5)
    rbvmomi (1.6.0)
      builder
      nokogiri (>= 1.4.1)
      trollop
    rgen (0.6.6)
    sawyer (0.3.0)
      faraday (~> 0.8, < 0.10)
      uri_template (~> 0.5.0)
    thor (0.18.1)
    trollop (2.0)
    uri_template (0.5.3)
    uuidtools (2.1.3)

PLATFORMS
  ruby

DEPENDENCIES
  aws-sdk
  boxen (~> 2.0.0)
  net-ssh
  open4 (~> 1.3)
  rbvmomi
