GIT
  remote: https://github.com/voxpupuli/librarian.git
  revision: e876aeef96269189fa3e4c72660fdaa528b71fab
  branch: librarianp
  specs:
    librarianp (0.6.4)
      thor (~> 0.15)

GEM
  remote: https://rubygems.org/
  specs:
    CFPropertyList (3.0.0)
    addressable (2.3.8)
    ansi (1.5.0)
    aws-sdk-core (2.0.48)
      builder (~> 3.0)
      jmespath (~> 1.0)
      multi_json (~> 1.0)
    boxen (4.0.0)
      ansi (~> 1.4)
      hiera (~> 3.0)
      highline (~> 1.6.0)
      json_pure (>= 1.7.7, < 2.0)
      librarian-puppet (~> 2.2)
      octokit (~> 2.7, >= 2.7.1)
      puppet (~> 4.0)
    builder (3.2.3)
    deep_merge (1.2.1)
    diff-lcs (1.3)
    facter (2.5.1)
    faraday (0.9.2)
      multipart-post (>= 1.2, < 3)
    faraday_middleware (0.12.2)
      faraday (>= 0.7.4, < 1.0)
    fast_gettext (1.1.2)
    gettext (3.2.9)
      locale (>= 2.0.5)
      text (>= 1.3.0)
    gettext-setup (0.30)
      fast_gettext (~> 1.1.0)
      gettext (>= 3.0.2)
      locale
    hiera (3.4.2)
    highline (1.6.21)
    jmespath (1.3.1)
    json_pure (1.8.6)
    librarian-puppet (2.2.3)
      librarianp (>= 0.6.3)
      puppet_forge (~> 2.1)
      rsync
    locale (2.1.2)
    metaclass (0.0.4)
    minitar (0.6.1)
    mocha (1.3.0)
      metaclass (~> 0.0.1)
    multi_json (1.13.1)
    multipart-post (2.0.0)
    net-scp (1.2.1)
      net-ssh (>= 2.6.5)
    net-ssh (4.2.0)
    net-telnet (0.1.1)
    octokit (2.7.2)
      sawyer (~> 0.5.2)
    open4 (1.3.4)
    puppet (4.10.10)
      facter (> 2.0, < 4)
      gettext-setup (>= 0.10, < 1)
      hiera (>= 2.0, < 4)
      json_pure (~> 1.8)
      locale (~> 2.1)
    puppet-lint (0.3.2)
    puppet_forge (2.2.9)
      faraday (>= 0.9.0, < 0.14.0)
      faraday_middleware (>= 0.9.0, < 0.13.0)
      gettext-setup (~> 0.11)
      minitar
      semantic_puppet (~> 1.0)
    puppetlabs_spec_helper (0.4.1)
      mocha (>= 0.10.5)
      rake
      rspec (>= 2.9.0)
      rspec-puppet (>= 0.1.1)
    rake (10.3.2)
    rspec (3.7.0)
      rspec-core (~> 3.7.0)
      rspec-expectations (~> 3.7.0)
      rspec-mocks (~> 3.7.0)
    rspec-core (3.7.1)
      rspec-support (~> 3.7.0)
    rspec-expectations (3.7.0)
      diff-lcs (>= 1.2.0, < 2.0)
      rspec-support (~> 3.7.0)
    rspec-its (1.2.0)
      rspec-core (>= 3.0.0)
      rspec-expectations (>= 3.0.0)
    rspec-mocks (3.7.0)
      diff-lcs (>= 1.2.0, < 2.0)
      rspec-support (~> 3.7.0)
    rspec-puppet (1.0.1)
      rspec
    rspec-support (3.7.1)
    rsync (1.0.9)
    sawyer (0.5.5)
      addressable (~> 2.3.5)
      faraday (~> 0.8, < 0.10)
    semantic_puppet (1.0.1)
      gettext-setup (>= 0.3)
    serverspec (2.41.3)
      multi_json
      rspec (~> 3.0)
      rspec-its
      specinfra (~> 2.72)
    sfl (2.3)
    specinfra (2.73.2)
      net-scp
      net-ssh (>= 2.7, < 5.0)
      net-telnet
      sfl
    text (1.3.1)
    thor (0.20.0)

PLATFORMS
  ruby

DEPENDENCIES
  CFPropertyList
  aws-sdk-core (~> 2.0.11)
  boxen (= 4.0.0)
  deep_merge (~> 1.0)
  hiera (~> 3.0)
  librarian-puppet
  librarianp!
  net-ssh
  open4 (~> 1.3.4)
  puppet (~> 4.0)
  puppet-lint (= 0.3.2)
  puppetlabs_spec_helper (= 0.4.1)
  rake (= 10.3.2)
  rspec-puppet (= 1.0.1)
  serverspec

BUNDLED WITH
   1.16.0
